GEM
  remote: http://rubygems.org/
  specs:
    alsa-rawmidi (0.3.2)
      ffi (~> 1.0)
    coderay (1.1.3)
    ffi (1.14.2)
    ffi-coremidi (0.4.1)
      ffi (~> 1.9, >= 1.9.6)
    gosu (1.1.1.1)
    matrix (0.4.1)
    method_source (1.0.0)
    midi-eye (0.3.10)
      midi-message (~> 0.4, >= 0.4.4)
      midi-nibbler (~> 0.2, >= 0.2.2)
      unimidi (~> 0.4, >= 0.4.6)
    midi-jruby (0.1.6)
    midi-message (0.4.9)
    midi-nibbler (0.2.4)
      midi-message (~> 0.4, >= 0.4.4)
    midi-winmm (0.1.10)
      ffi (>= 1.0)
    pry (0.14.0)
      coderay (~> 1.1)
      method_source (~> 1.0)
    unimidi (0.4.8)
      alsa-rawmidi (~> 0.3, >= 0.3.1)
      ffi-coremidi (~> 0.3, >= 0.3.5)
      midi-jruby (~> 0.1, >= 0.1.4)
      midi-winmm (~> 0.1, >= 0.1.10)

PLATFORMS
  ruby

DEPENDENCIES
  gosu
  matrix
  midi-eye
  pry
  unimidi

BUNDLED WITH
   2.2.29
